RESTRICTION: == net451
NUGET
  remote: https://api.nuget.org/v3/index.json
    Antlr (3.5.0.2)
    CommonServiceLocator (1.3)
    Dapper (1.50.4)
    Microsoft.AspNet.Mvc (5.2.4)
      Microsoft.AspNet.Razor (>= 3.2.4 < 3.3)
      Microsoft.AspNet.WebPages (>= 3.2.4 < 3.3)
    Microsoft.AspNet.Razor (3.2.4)
    Microsoft.AspNet.Web.Optimization (1.1.3)
      Microsoft.Web.Infrastructure (>= 1.0)
      WebGrease (>= 1.5.2)
    Microsoft.AspNet.WebPages (3.2.4)
      Microsoft.AspNet.Razor (>= 3.2.4 < 3.3)
      Microsoft.Web.Infrastructure (>= 1.0)
    Microsoft.Web.Infrastructure (1.0)
    Newtonsoft.Json (9.0.1)
    System.Data.SQLite.Core (1.0.108)
    Unity (4.0.1)
      CommonServiceLocator (>= 1.3)
    WebGrease (1.6)
      Antlr (>= 3.4.1.9004)
      Newtonsoft.Json (>= 5.0.4)
