NUGET
  remote: https://api.nuget.org/v3/index.json
    Antlr (3.5.0.2) - restriction: >= net45
    CommonServiceLocator (1.3) - restriction: >= net45
    Dapper (1.50.2) - restriction: >= net45
    Microsoft.AspNet.Mvc (5.2.3) - restriction: >= net45
      Microsoft.AspNet.Razor (>= 3.2.3 < 3.3)
      Microsoft.AspNet.WebPages (>= 3.2.3 < 3.3)
    Microsoft.AspNet.Razor (3.2.3) - restriction: >= net45
    Microsoft.AspNet.Web.Optimization (1.1.3) - restriction: >= net45
      Microsoft.Web.Infrastructure (>= 1.0)
      WebGrease (>= 1.5.2)
    Microsoft.AspNet.WebPages (3.2.3) - restriction: >= net45
      Microsoft.AspNet.Razor (>= 3.2.3 < 3.3)
      Microsoft.Web.Infrastructure (>= 1.0)
    Microsoft.Web.Infrastructure (1.0) - restriction: >= net45
    Newtonsoft.Json (9.0.1) - restriction: >= net45
    System.Data.SQLite.Core (1.0.104) - restriction: >= net45
    Unity (4.0.1) - restriction: >= net45
      CommonServiceLocator (>= 1.3)
    WebGrease (1.6) - restriction: >= net45
      Antlr (>= 3.4.1.9004)
      Newtonsoft.Json (>= 5.0.4)
